PATH
  remote: .
  specs:
    foraneus (0.0.1)

GEM
  remote: http://rubygems.org/
  specs:
    diff-lcs (1.1.3)
    multi_json (1.3.6)
    redcarpet (2.1.1)
    rspec (2.10.0)
      rspec-core (~> 2.10.0)
      rspec-expectations (~> 2.10.0)
      rspec-mocks (~> 2.10.0)
    rspec-core (2.10.1)
    rspec-expectations (2.10.0)
      diff-lcs (~> 1.1.3)
    rspec-mocks (2.10.1)
    simplecov (0.6.4)
      multi_json (~> 1.0)
      simplecov-html (~> 0.5.3)
    simplecov-html (0.5.3)
    yard (0.8.2.1)

PLATFORMS
  java
  ruby

DEPENDENCIES
  foraneus!
  redcarpet (= 2.1.1)
  rspec (= 2.10.0)
  simplecov (= 0.6.4)
  yard (= 0.8.2.1)
